GEM
  remote: https://rubygems.org/
  specs:
    builder (3.0.0)
    git (1.2.5)
    hpricot (0.8.6)
    jeweler (1.8.3)
      bundler (~> 1.0)
      git (>= 1.2.5)
      rake
      rdoc
    json (1.6.5)
    rack (1.4.1)
    rake (0.9.2.2)
    rdiscount (1.6.8)
    rdoc (3.12)
      json (~> 1.4)
    riot (0.12.5)
      rr
    rr (1.0.4)

PLATFORMS
  ruby

DEPENDENCIES
  builder
  hpricot
  jeweler
  rack
  rdiscount
  riot
